GEM
  remote: https://rubygems.org/
  specs:
    byebug (11.1.3)
    coderay (1.1.3)
    faraday (2.7.4)
      faraday-net_http (>= 2.0, < 3.1)
      ruby2_keywords (>= 0.0.4)
    faraday-net_http (3.0.2)
    json (2.6.3)
    method_source (1.0.0)
    pry (0.14.2)
      coderay (~> 1.1)
      method_source (~> 1.0)
    pry-byebug (3.10.1)
      byebug (~> 11.0)
      pry (>= 0.13, < 0.15)
    rake (12.3.3)
    ruby2_keywords (0.0.5)
    smarter_csv (1.7.4)

PLATFORMS
  ruby

DEPENDENCIES
  faraday
  json (~> 2.6.3)
  pry-byebug
  rake (~> 12.0)
  smarter_csv (~> 1.7, >= 1.7.4)

BUNDLED WITH
   2.1.4
