GEM
  remote: https://rubygems.org/
  specs:
    coderay (1.1.3)
    httparty (0.13.7)
      json (~> 1.8)
      multi_xml (>= 0.5.2)
    json (1.8.6)
    method_source (1.0.0)
    multi_xml (0.6.0)
    pry (0.14.1)
      coderay (~> 1.1)
      method_source (~> 1.0)
    rake (12.3.3)

PLATFORMS
  ruby

DEPENDENCIES
  httparty (~> 0.13.7)
  json (~> 1.8, >= 1.8.3)
  pry
  rake (~> 12.0)

BUNDLED WITH
   2.1.4
